PATH
  remote: .
  specs:
    casino_core-authenticator-activerecord (1.1.4)
      activerecord (~> 3.2.12)
      bcrypt-ruby (~> 3.0)
      unix-crypt (~> 1.1)

GEM
  remote: https://rubygems.org/
  specs:
    activemodel (3.2.13)
      activesupport (= 3.2.13)
      builder (~> 3.0.0)
    activerecord (3.2.13)
      activemodel (= 3.2.13)
      activesupport (= 3.2.13)
      arel (~> 3.0.2)
      tzinfo (~> 0.3.29)
    activesupport (3.2.13)
      i18n (= 0.6.1)
      multi_json (~> 1.0)
    arel (3.0.2)
    bcrypt-ruby (3.0.1)
    builder (3.0.4)
    colorize (0.5.8)
    coveralls (0.6.4)
      colorize
      multi_json (~> 1.3)
      rest-client
      simplecov (>= 0.7)
      thor
    diff-lcs (1.2.2)
    i18n (0.6.1)
    mime-types (1.22)
    multi_json (1.7.2)
    rake (10.0.4)
    rest-client (1.6.7)
      mime-types (>= 1.16)
    rspec (2.13.0)
      rspec-core (~> 2.13.0)
      rspec-expectations (~> 2.13.0)
      rspec-mocks (~> 2.13.0)
    rspec-core (2.13.1)
    rspec-expectations (2.13.0)
      diff-lcs (>= 1.1.3, < 2.0)
    rspec-mocks (2.13.0)
    simplecov (0.7.1)
      multi_json (~> 1.0)
      simplecov-html (~> 0.7.1)
    simplecov-html (0.7.1)
    sqlite3 (1.3.7)
    thor (0.18.1)
    tzinfo (0.3.37)
    unix-crypt (1.1.0)

PLATFORMS
  ruby

DEPENDENCIES
  casino_core-authenticator-activerecord!
  coveralls
  rake (~> 10.0)
  rspec (~> 2.12)
  simplecov (~> 0.7)
  sqlite3 (~> 1.3.7)
